PATH
  remote: .
  specs:
    open_id_presenter_plugin (0.1.1)

GEM
  remote: https://rubygems.org/
  specs:
    rake (13.1.0)

PLATFORMS
  ruby

DEPENDENCIES
  bundler (~> 2.4)
  open_id_presenter_plugin!
  rake

BUNDLED WITH
   2.4.21
